GIT
  remote: git://github.com/burke/webby.git
  revision: b963f692b1818fa5c02ded26b9f7e1d57ffad6d4
  specs:
    webby (0.9.4.1)
      directory_watcher (>= 1.1.2)
      hpricot (>= 0.6.0)
      launchy (>= 0.3.2)
      logging (>= 0.9.7)
      loquacious (>= 1.3.0)
      rake (>= 0.8.4)
      rspec (>= 1.2.2)

GEM
  remote: http://rubygems.org/
  specs:
    addressable (2.2.6)
    coffee-script (2.2.0)
      coffee-script-source
      execjs
    coffee-script-source (1.1.2)
    diff-lcs (1.1.2)
    directory_watcher (1.4.0)
    execjs (1.2.4)
      multi_json (~> 1.0)
    haml (3.1.2)
    hpricot (0.8.4)
    launchy (2.0.5)
      addressable (~> 2.2.6)
    little-plugger (1.1.2)
    logging (1.5.2)
      little-plugger (>= 1.1.2)
    loquacious (1.8.1)
    multi_json (1.0.3)
    rake (0.9.2)
    rspec (2.6.0)
      rspec-core (~> 2.6.0)
      rspec-expectations (~> 2.6.0)
      rspec-mocks (~> 2.6.0)
    rspec-core (2.6.4)
    rspec-expectations (2.6.0)
      diff-lcs (~> 1.1.2)
    rspec-mocks (2.6.0)
    sass (3.1.7)

PLATFORMS
  ruby

DEPENDENCIES
  coffee-script
  haml
  sass
  webby!
