GIT
  remote: git://github.com/stefanpenner/webby.git
  revision: ed6d89372227ee8e50080410ce02a4afa320078b
  specs:
    webby (0.9.4.1)
      directory_watcher (>= 1.1.2)
      hpricot (>= 0.6.0)
      launchy (>= 0.3.2)
      logging (>= 0.9.7)
      loquacious (>= 1.3.0)
      rake (>= 0.8.4)
      rspec (>= 1.2.2)

GEM
  remote: http://rubygems.org/
  specs:
    addressable (2.2.6)
    coffee-script (2.2.0)
      coffee-script-source
      execjs
    coffee-script-source (1.1.2)
    diff-lcs (1.1.3)
    directory_watcher (1.4.1)
    execjs (1.2.4)
      multi_json (~> 1.0)
    haml (3.1.2)
    hpricot (0.8.5)
    launchy (2.0.5)
      addressable (~> 2.2.6)
    little-plugger (1.1.3)
    logging (1.6.1)
      little-plugger (>= 1.1.2)
    loquacious (1.9.0)
    multi_json (1.0.3)
    rake (0.9.2.2)
    rspec (2.7.0)
      rspec-core (~> 2.7.0)
      rspec-expectations (~> 2.7.0)
      rspec-mocks (~> 2.7.0)
    rspec-core (2.7.1)
    rspec-expectations (2.7.0)
      diff-lcs (~> 1.1.2)
    rspec-mocks (2.7.0)
    sass (3.1.7)

PLATFORMS
  ruby

DEPENDENCIES
  coffee-script
  haml
  sass
  webby!
